GEM
  remote: http://rubygems.org/
  specs:
    ace-rails-ap (2.0.1)
    actionmailer (2.3.12)
      actionpack (= 2.3.12)
    actionpack (2.3.12)
      activesupport (= 2.3.12)
      rack (~> 1.1.0)
    activerecord (2.3.12)
      activesupport (= 2.3.12)
    activeresource (2.3.12)
      activesupport (= 2.3.12)
    activesupport (2.3.12)
    daemons (1.1.9)
    declarative_authorization (0.5.1)
    diff-lcs (1.2.5)
    eventmachine (1.0.3)
    hoe (3.12.0)
      rake (>= 0.8, < 11.0)
    i18n (0.4.2)
    iconv (1.0.4)
    mysql (2.8.1)
    rack (1.1.6)
    rails (2.3.12)
      actionmailer (= 2.3.12)
      actionpack (= 2.3.12)
      activerecord (= 2.3.12)
      activeresource (= 2.3.12)
      activesupport (= 2.3.12)
      rake (>= 0.8.3)
    rake (0.8.7)
    rspec (2.14.1)
      rspec-core (~> 2.14.0)
      rspec-expectations (~> 2.14.0)
      rspec-mocks (~> 2.14.0)
    rspec-core (2.14.8)
    rspec-expectations (2.14.5)
      diff-lcs (>= 1.1.3, < 2.0)
    rspec-mocks (2.14.6)
    rush (0.6.8)
      session
    session (3.2.0)
    test-unit (1.2.3)
      hoe (>= 1.5.1)
    thin (1.6.2)
      daemons (>= 1.0.9)
      eventmachine (>= 1.0.0)
      rack (>= 1.0.0)
    win32-open3-19 (0.0.2)

PLATFORMS
  ruby

DEPENDENCIES
  ace-rails-ap
  declarative_authorization (= 0.5.1)
  i18n (= 0.4.2)
  iconv (~> 1.0.3)
  mysql (= 2.8.1)
  rails (= 2.3.12)
  rake (= 0.8.7)
  rspec
  rush (= 0.6.8)
  test-unit (= 1.2.3)
  thin
  win32-open3-19 (~> 0.0.2)
